PATH
  remote: .
  specs:
    logstash-output-daq (0.1.0)
      jar-dependencies
      logstash-core (>= 1.4.0, < 2.0.0)

GEM
  remote: https://rubygems.org/
  specs:
    cabin (0.7.2)
    clamp (0.6.5)
    coderay (1.1.1)
    concurrent-ruby (0.9.2-java)
    diff-lcs (1.3)
    ffi (1.9.18-java)
    filesize (0.0.4)
    fivemat (1.3.5)
    gem_publisher (1.5.0)
    gems (0.8.3)
    i18n (0.6.9)
    insist (1.0.0)
    jar-dependencies (0.3.11)
    jrjackson (0.3.9-java)
    jruby-openssl (0.9.21-java)
    kramdown (1.14.0)
    logstash-core (1.5.6-java)
      cabin (~> 0.7.0)
      clamp (~> 0.6.5)
      concurrent-ruby (= 0.9.2)
      filesize (= 0.0.4)
      gems (~> 0.8.3)
      i18n (= 0.6.9)
      jrjackson (~> 0.3.7)
      jruby-openssl (>= 0.9.11)
      minitar (~> 0.5.4)
      pry (~> 0.10.1)
      stud (~> 0.0.19)
      thread_safe (~> 0.3.5)
      treetop (< 1.5.0)
    logstash-devutils (0.0.22-java)
      fivemat
      gem_publisher
      insist (= 1.0.0)
      kramdown
      minitar
      rake
      rspec (~> 3.0)
      rspec-wait
      stud (>= 0.0.20)
    method_source (0.8.2)
    minitar (0.5.4)
    polyglot (0.3.5)
    pry (0.10.4-java)
      coderay (~> 1.1.0)
      method_source (~> 0.8.1)
      slop (~> 3.4)
      spoon (~> 0.0)
    rake (12.0.0)
    rspec (3.6.0)
      rspec-core (~> 3.6.0)
      rspec-expectations (~> 3.6.0)
      rspec-mocks (~> 3.6.0)
    rspec-core (3.6.0)
      rspec-support (~> 3.6.0)
    rspec-expectations (3.6.0)
      diff-lcs (>= 1.2.0, < 2.0)
      rspec-support (~> 3.6.0)
    rspec-mocks (3.6.0)
      diff-lcs (>= 1.2.0, < 2.0)
      rspec-support (~> 3.6.0)
    rspec-support (3.6.0)
    rspec-wait (0.0.9)
      rspec (>= 3, < 4)
    slop (3.6.0)
    spoon (0.0.6)
      ffi
    stud (0.0.23)
    thread_safe (0.3.6-java)
    treetop (1.4.15)
      polyglot
      polyglot (>= 0.3.1)

PLATFORMS
  java

DEPENDENCIES
  logstash-devutils
  logstash-output-daq!

BUNDLED WITH
   1.15.3
